GEM
  remote: http://rubygems.org/
  specs:
    ZenTest (4.5.0)
    autotest (4.4.6)
      ZenTest (>= 4.4.1)
    autotest-growl (0.2.9)
    columnize (0.3.4)
    diff-lcs (1.1.2)
    git (1.2.5)
    growl (1.0.3)
    guard (0.8.4)
      thor (~> 0.14.6)
    jeweler (1.6.4)
      bundler (~> 1.0)
      git (>= 1.2.5)
      rake
    linecache (0.46)
      rbx-require-relative (> 0.0.4)
    mime-types (1.16)
    nokogiri (1.5.0)
    rake (0.9.2)
    rb-fsevent (0.4.3.1)
    rbx-require-relative (0.0.5)
    rcov (0.9.9)
    redis (2.2.1)
    rspec (2.8.0)
      rspec-core (~> 2.8.0)
      rspec-expectations (~> 2.8.0)
      rspec-mocks (~> 2.8.0)
    rspec-core (2.8.0)
    rspec-expectations (2.8.0)
      diff-lcs (~> 1.1.2)
    rspec-mocks (2.8.0)
    ruby-debug (0.10.4)
      columnize (>= 0.1)
      ruby-debug-base (~> 0.10.4.0)
    ruby-debug-base (0.10.4)
      linecache (>= 0.3)
    spork (0.8.5)
    term-ansicolor (1.0.5)
    thor (0.14.6)
    timecop (0.3.5)
    typhoeus (0.2.4)
      mime-types
      mime-types

PLATFORMS
  ruby

DEPENDENCIES
  ZenTest (= 4.5.0)
  autotest
  autotest-growl
  bundler (~> 1.0.0)
  diff-lcs
  growl
  guard
  jeweler (~> 1.6.4)
  nokogiri
  rb-fsevent
  rcov
  redis
  rspec (= 2.8.0)
  ruby-debug
  spork
  term-ansicolor
  timecop
  typhoeus
